GEM
  remote: https://rubygems.org/
  specs:
    icalendar (2.4.1)
    minitest (5.9.1)

PLATFORMS
  ruby

DEPENDENCIES
  icalendar
  minitest

BUNDLED WITH
   1.10.6
